PATH
  remote: .
  specs:
    deluge (1.0.0)
      rencode-ruby

GEM
  remote: https://rubygems.org/
  specs:
    activesupport (4.0.10)
      i18n (~> 0.6, >= 0.6.9)
      minitest (~> 4.2)
      multi_json (~> 1.3)
      thread_safe (~> 0.1)
      tzinfo (~> 0.3.37)
    ansi (1.4.3)
    ast (2.0.0)
    astrolabe (1.3.0)
      parser (>= 2.2.0.pre.3, < 3.0)
    coderay (1.1.0)
    i18n (0.6.11)
    method_source (0.8.2)
    minitest (4.7.5)
    multi_json (1.10.1)
    parser (2.2.0)
      ast (>= 1.1, < 3.0)
      slop (~> 3.4, >= 3.4.5)
    powerpack (0.0.9)
    pry (0.10.1)
      coderay (~> 1.1.0)
      method_source (~> 0.8.1)
      slop (~> 3.4)
    rainbow (2.0.0)
    rake (10.3.2)
    rencode-ruby (1.0.0)
    rubocop (0.28.0)
      astrolabe (~> 1.3)
      parser (>= 2.2.0.pre.7, < 3.0)
      powerpack (~> 0.0.6)
      rainbow (>= 1.99.1, < 3.0)
      ruby-progressbar (~> 1.4)
    ruby-progressbar (1.7.1)
    shoulda (3.5.0)
      shoulda-context (~> 1.0, >= 1.0.1)
      shoulda-matchers (>= 1.4.1, < 3.0)
    shoulda-context (1.2.1)
    shoulda-matchers (2.7.0)
      activesupport (>= 3.0.0)
    slop (3.6.0)
    thread_safe (0.3.4)
    turn (0.9.7)
      ansi
      minitest (~> 4)
    tzinfo (0.3.41)

PLATFORMS
  ruby

DEPENDENCIES
  deluge!
  pry
  rake
  rencode-ruby
  rubocop
  shoulda
  turn
